PATH
  remote: .
  specs:
    rhymera (0.1.0)
      cli-ui
      clipboard

GEM
  remote: https://rubygems.org/
  specs:
    cli-ui (1.4.0)
    clipboard (1.3.5)
    minitest (5.14.2)
    rake (13.0.3)

PLATFORMS
  x86_64-linux

DEPENDENCIES
  minitest (~> 5.0)
  rake (~> 13.0)
  rhymera!

BUNDLED WITH
   2.2.3
